PATH
  remote: .
  specs:
    yayaya (0.0.1)

PATH
  remote: ..
  specs:

PATH
  remote: ../../..
  specs:

PATH
  remote: ../../../../gems
  specs:

GEM
  remote: https://rubygems.org/
  specs:
    rake (10.3.2)

PLATFORMS
  ruby

DEPENDENCIES
  bundler (~> 1.3)
  rake
  yayaya!
